GEM
  remote: https://rubygems.org/
  specs:
    audite (0.4.0)
    colorize (0.7.3)

PLATFORMS
  ruby

DEPENDENCIES
  audite
  colorize

BUNDLED WITH
   2.0.1
